GEM
  remote: http://rubygems.org/
  specs:
    backports (2.3.0)
    crack (0.1.8)
    eventmachine (0.12.10)
    hashie (1.2.0)
    multi_json (1.0.4)
    oauth (0.4.5)
    omniauth (1.0.1)
      hashie (~> 1.2)
      rack
    omniauth-oauth (1.0.0)
      oauth
      omniauth (~> 1.0)
    omniauth-twitter (0.0.7)
      omniauth-oauth (~> 1.0)
    pusher (0.8.4)
      crack (~> 0.1.0)
      multi_json (~> 1.0)
      ruby-hmac (~> 0.4.0)
      signature (~> 0.1.2)
    rack (1.3.5)
    rack-protection (1.1.4)
      rack
    rack-test (0.6.1)
      rack (>= 1.0)
    redis (2.2.2)
    ruby-hmac (0.4.0)
    sass (3.1.11)
    signature (0.1.2)
      ruby-hmac
    sinatra (1.3.1)
      rack (~> 1.3, >= 1.3.4)
      rack-protection (~> 1.1, >= 1.1.2)
      tilt (~> 1.3, >= 1.3.3)
    sinatra-contrib (1.3.1)
      backports (>= 2.0)
      eventmachine
      rack-protection
      rack-test
      sinatra (~> 1.3.0)
      tilt (~> 1.3)
    tilt (1.3.3)

PLATFORMS
  ruby

DEPENDENCIES
  omniauth
  omniauth-twitter
  pusher
  redis
  sass
  sinatra
  sinatra-contrib
